PATH
  remote: .
  specs:
    sheepla (0.0.1)
      nokogiri (~> 1.6.4)

GEM
  remote: https://rubygems.org/
  specs:
    mini_portile (0.6.1)
    nokogiri (1.6.4.1)
      mini_portile (~> 0.6.0)
    sqlite3 (1.3.10)

PLATFORMS
  ruby

DEPENDENCIES
  sheepla!
  sqlite3
